GEM
  remote: https://rubygems.org/
  specs:
    RedCloth (4.2.9)
    RedCloth (4.2.9-java)
    actionmailer (3.2.22)
      actionpack (= 3.2.22)
      mail (~> 2.5.4)
    actionpack (3.2.22)
      activemodel (= 3.2.22)
      activesupport (= 3.2.22)
      builder (~> 3.0.0)
      erubis (~> 2.7.0)
      journey (~> 1.0.4)
      rack (~> 1.4.5)
      rack-cache (~> 1.2)
      rack-test (~> 0.6.1)
      sprockets (~> 2.2.1)
    activemodel (3.2.22)
      activesupport (= 3.2.22)
      builder (~> 3.0.0)
    activerecord (3.2.22)
      activemodel (= 3.2.22)
      activesupport (= 3.2.22)
      arel (~> 3.0.2)
      tzinfo (~> 0.3.29)
    activeresource (3.2.22)
      activemodel (= 3.2.22)
      activesupport (= 3.2.22)
    activesupport (3.2.22)
      i18n (~> 0.6, >= 0.6.4)
      multi_json (~> 1.0)
    addressable (2.6.0)
      public_suffix (>= 2.0.2, < 4.0)
    airbrussh (1.3.1)
      sshkit (>= 1.6.1, != 1.7.0)
    ansi (1.5.0)
    arel (3.0.3)
    bcrypt (3.1.12)
    bcrypt (3.1.12-java)
    bcrypt-ruby (3.1.5)
      bcrypt (>= 3.1.3)
    bcrypt-ruby (3.1.5-java)
      bcrypt (>= 3.1.3)
    builder (3.0.4)
    byebug (10.0.2)
    cancan (1.6.10)
    capistrano (3.11.0)
      airbrussh (>= 1.0.0)
      i18n
      rake (>= 10.0.0)
      sshkit (>= 1.9.0)
    capybara (2.18.0)
      addressable
      mini_mime (>= 0.1.3)
      nokogiri (>= 1.3.3)
      rack (>= 1.0.0)
      rack-test (>= 0.5.4)
      xpath (>= 2.0, < 4.0)
    chronic (0.10.2)
    closure-compiler (1.1.14)
    concurrent-ruby (1.1.4)
    daemons (1.3.1)
    data_objects (0.10.17)
      addressable (~> 2.1)
    delayed_job (4.1.5)
      activesupport (>= 3.0, < 5.3)
    delayed_job_data_mapper (1.0.0)
      delayed_job (~> 4.0)
      dm-active_model (~> 1.0)
      dm-core (~> 1.0)
      i18n
      tzinfo
    devise (1.5.4)
      bcrypt-ruby (~> 3.0)
      orm_adapter (~> 0.0.3)
      warden (~> 1.1)
    devise_cas_authenticatable (1.10.3)
      devise (>= 1.2.0)
      rubycas-client (>= 2.2.1)
    diff-lcs (1.3)
    dm-active_model (1.2.1)
      activemodel (~> 3.0)
      dm-core (~> 1.2.0)
    dm-aggregates (1.2.0)
      dm-core (~> 1.2.0)
    dm-ar-finders (1.2.0)
      dm-core (~> 1.2.0)
    dm-chunked_query (0.3.1)
      dm-aggregates (~> 1.0)
      dm-core (~> 1.0)
    dm-constraints (1.2.0)
      dm-core (~> 1.2.0)
    dm-core (1.2.1)
      addressable (~> 2.3)
    dm-devise (1.5.0)
      devise (~> 1.3)
      dm-core (>= 1.0.2, < 1.3)
      dm-migrations (>= 1.0.2, < 1.3)
      dm-rails (>= 1.0.3, < 1.3)
      dm-serializer (>= 1.0.2, < 1.3)
      dm-timestamps (>= 1.0.2, < 1.3)
    dm-do-adapter (1.2.0)
      data_objects (~> 0.10.6)
      dm-core (~> 1.2.0)
    dm-is-read_only (0.3.0)
      dm-core (~> 1.2)
    dm-migrations (1.2.0)
      dm-core (~> 1.2.0)
    dm-mysql-adapter (1.2.0)
      dm-do-adapter (~> 1.2.0)
      do_mysql (~> 0.10.6)
    dm-observer (1.2.0)
      dm-core (~> 1.2.0)
    dm-pager (1.1.0)
      dm-aggregates (>= 0.10.1)
      dm-core (>= 0.10.1)
    dm-postgres-adapter (1.2.0)
      dm-do-adapter (~> 1.2.0)
      do_postgres (~> 0.10.6)
    dm-rails (1.2.1)
      actionpack (~> 3.0)
      dm-active_model (~> 1.2.0)
      dm-core (~> 1.2.0)
      railties (~> 3.0)
    dm-serializer (1.2.2)
      dm-core (~> 1.2.0)
      fastercsv (~> 1.5)
      json (~> 1.6)
      json_pure (~> 1.6)
      multi_json (~> 1.0)
    dm-timestamps (1.2.0)
      dm-core (~> 1.2.0)
    dm-transactions (1.2.0)
      dm-core (~> 1.2.0)
    dm-types (1.2.2)
      bcrypt-ruby (~> 3.0)
      dm-core (~> 1.2.0)
      fastercsv (~> 1.5)
      json (~> 1.6)
      multi_json (~> 1.0)
      stringex (~> 1.4)
      uuidtools (~> 2.1)
    dm-validations (1.2.0)
      dm-core (~> 1.2.0)
    dm-visualizer (0.1.0)
      dm-core (>= 0.10.2)
      ruby-graphviz (>= 0.9.10)
      thor (>= 0.13.4)
    dm-zone-types (0.3)
      activesupport (>= 3.0.0.beta3)
      dm-core
      tzinfo
    do_jdbc (0.10.17-java)
      data_objects (= 0.10.17)
    do_mysql (0.10.17)
      data_objects (= 0.10.17)
    do_mysql (0.10.17-java)
      data_objects (= 0.10.17)
      do_jdbc (= 0.10.17)
      jdbc-mysql (>= 5.0.4)
    do_postgres (0.10.17)
      data_objects (= 0.10.17)
    do_postgres (0.10.17-java)
      data_objects (= 0.10.17)
      do_jdbc (= 0.10.17)
      jdbc-postgres (>= 8.2)
    env (0.3.0)
    erubis (2.7.0)
    eventmachine (1.2.7)
    eventmachine (1.2.7-java)
    ezprint (1.0.1)
      pdfkit (~> 0.8.0)
    fastercsv (1.5.5)
    ffi (1.10.0-java)
    geoip (1.6.4)
    hike (1.2.3)
    home_run (1.0.9)
    i18n (0.9.5)
      concurrent-ruby (~> 1.0)
    jammit (0.5.4)
      closure-compiler (>= 0.1.0)
      yui-compressor (>= 0.9.1)
    jdbc-mysql (5.1.47)
    jdbc-postgres (42.1.4)
    journey (1.0.4)
    jquery-rails (3.1.5)
      railties (>= 3.0, < 5.0)
      thor (>= 0.14, < 2.0)
    jruby-jars (9.2.5.0)
    jruby-openssl (0.10.1-java)
    jruby-rack (1.1.21)
    jruby-rack-worker (0.14.1)
      jruby-rack (~> 1.1.10)
    json (1.8.6)
    json (1.8.6-java)
    json_pure (1.8.6)
    launchy (2.4.3)
      addressable (~> 2.3)
    launchy (2.4.3-java)
      addressable (~> 2.3)
      spoon (~> 0.0.1)
    letter_opener (1.7.0)
      launchy (~> 2.2)
    mail (2.5.5)
      mime-types (~> 1.16)
      treetop (~> 1.4.8)
    mime-types (1.25.1)
    mini_mime (1.0.1)
    mini_portile2 (2.4.0)
    minitest (4.7.5)
    multi_json (1.13.1)
    net-dns (0.9.0)
    net-scp (1.2.1)
      net-ssh (>= 2.6.5)
    net-ssh (5.1.0)
    netaddr (2.0.4)
    nokogiri (1.10.1)
      mini_portile2 (~> 2.4.0)
    nokogiri (1.10.1-java)
    orm_adapter (0.0.7)
    pdfkit (0.8.2)
    polyglot (0.3.5)
    power_assert (1.1.3)
    public_suffix (3.0.3)
    rack (1.4.7)
    rack-cache (1.8.0)
      rack (>= 0.4)
    rack-ssl (1.3.4)
      rack
    rack-test (0.6.3)
      rack (>= 1.0)
    rails (3.2.22)
      actionmailer (= 3.2.22)
      actionpack (= 3.2.22)
      activerecord (= 3.2.22)
      activeresource (= 3.2.22)
      activesupport (= 3.2.22)
      bundler (~> 1.0)
      railties (= 3.2.22)
    railties (3.2.22)
      actionpack (= 3.2.22)
      activesupport (= 3.2.22)
      rack-ssl (~> 1.3.2)
      rake (>= 0.8.7)
      rdoc (~> 3.4)
      thor (>= 0.14.6, < 2.0)
    rake (12.3.3)
    rdoc (3.12.2)
      json (~> 1.4)
    request_store (1.4.1)
      rack (>= 1.4)
    rspec (3.8.0)
      rspec-core (~> 3.8.0)
      rspec-expectations (~> 3.8.0)
      rspec-mocks (~> 3.8.0)
    rspec-core (3.8.0)
      rspec-support (~> 3.8.0)
    rspec-expectations (3.8.2)
      diff-lcs (>= 1.2.0, < 2.0)
      rspec-support (~> 3.8.0)
    rspec-mocks (3.8.0)
      diff-lcs (>= 1.2.0, < 2.0)
      rspec-support (~> 3.8.0)
    rspec-rails (3.8.2)
      actionpack (>= 3.0)
      activesupport (>= 3.0)
      railties (>= 3.0)
      rspec-core (~> 3.8.0)
      rspec-expectations (~> 3.8.0)
      rspec-mocks (~> 3.8.0)
      rspec-support (~> 3.8.0)
    rspec-support (3.8.0)
    ruby-graphviz (1.2.4)
    rubycas-client (2.3.9)
      activesupport
    rubyzip (1.3.0)
    simple_form (2.1.3)
      actionpack (~> 3.0)
      activemodel (~> 3.0)
    spoon (0.0.6)
      ffi
    sprockets (2.2.3)
      hike (~> 1.2)
      multi_json (~> 1.0)
      rack (~> 1.0)
      tilt (~> 1.1, != 1.3.0)
    sshkit (1.18.1)
      net-scp (>= 1.1.2)
      net-ssh (>= 2.8.0)
    stringex (1.5.1)
    test-unit (3.3.0)
      power_assert
    thin (1.7.2)
      daemons (~> 1.0, >= 1.0.9)
      eventmachine (~> 1.0, >= 1.0.4)
      rack (>= 1, < 3)
    thor (0.20.3)
    tilt (1.4.1)
    timezone_local (0.1.5)
      tzinfo (>= 0.3.24)
    treetop (1.4.15)
      polyglot
      polyglot (>= 0.3.1)
    turn (0.9.7)
      ansi
      minitest (~> 4)
    tzinfo (0.3.61)
    uuidtools (2.1.5)
    warbler (2.0.5)
      jruby-jars (>= 9.0.0.0)
      jruby-rack (>= 1.1.1, < 1.3)
      rake (>= 10.1.0)
      rubyzip (~> 1.0, < 1.4)
    warden (1.2.7)
      rack (>= 1.0)
    whois (4.0.7)
    whois-parser (0.0.1)
    xpath (3.2.0)
      nokogiri (~> 1.8)
    yui-compressor (0.12.0)

PLATFORMS
  java
  ruby

DEPENDENCIES
  RedCloth (~> 4.2.9)
  actionmailer (= 3.2.22)
  actionpack (= 3.2.22)
  activesupport (= 3.2.22)
  ansi
  bundler
  byebug
  cancan (~> 1.6)
  capistrano
  capybara
  chronic
  daemons
  delayed_job
  delayed_job_data_mapper
  devise (~> 1.4)
  devise_cas_authenticatable
  dm-active_model (~> 1.2.0)
  dm-aggregates (~> 1.2.0)
  dm-ar-finders (~> 1.2.0)
  dm-chunked_query (~> 0.3)
  dm-constraints (~> 1.2.0)
  dm-core (~> 1.2.0)
  dm-devise (~> 1.5)
  dm-do-adapter (~> 1.2.0)
  dm-is-read_only (~> 0.3)
  dm-migrations (~> 1.2.0)
  dm-mysql-adapter (~> 1.2.0)
  dm-observer (~> 1.2.0)
  dm-pager
  dm-postgres-adapter (~> 1.2.0)
  dm-rails (~> 1.2.0)
  dm-serializer (~> 1.2.0)
  dm-timestamps (~> 1.2.0)
  dm-transactions (~> 1.2.0)
  dm-types (~> 1.2.0)
  dm-validations (~> 1.2.0)
  dm-visualizer (~> 0.1.0)
  dm-zone-types
  do_mysql
  env
  ezprint
  geoip
  home_run
  jammit (~> 0.5.4)
  jquery-rails
  jruby-openssl
  jruby-rack-worker
  json
  letter_opener
  mail
  minitest
  net-dns
  netaddr
  pdfkit
  rails (= 3.2.22)
  railties (= 3.2.22)
  rake
  request_store
  rspec (~> 3.8.0)
  rspec-core (~> 3.8.0)
  rspec-expectations (~> 3.8.0)
  rspec-rails (~> 3.8.0)
  rubycas-client
  simple_form
  test-unit
  thin
  timezone_local
  turn
  warbler
  whois
  whois-parser

BUNDLED WITH
   1.16.1
