
GIT
  remote: https://github.com/Snorby/delayed_job_data_mapper.git
  revision: 6f1c4a8c3ad62e4ef6baafec9a2a9914d0643085
  specs:
    delayed_job_data_mapper (1.0.0.rc)
      delayed_job (~> 2.1)
      dm-aggregates
      dm-core
      dm-observer

GIT
  remote: https://github.com/mephux/ezprint.git
  revision: c231df760dae8a2d4bc906888285c6d314de4cf6
  branch: rails3
  specs:
    ezprint (0.2.0)
      pdfkit (>= 0.4.1)

GIT
  remote: https://github.com/postmodern/dm-is-read_only.git
  revision: 43ffedc64a261b12ee324db616a427048e14ba4c
  specs:
    dm-is-read_only (0.3.0)
      dm-core (~> 1.2)

GEM
  remote: https://rubygems.org/
  specs:
    RedCloth (4.2.9)
    actionmailer (3.2.22)
      actionpack (= 3.2.22)
      mail (~> 2.5.4)
    actionpack (3.2.22)
      activemodel (= 3.2.22)
      activesupport (= 3.2.22)
      builder (~> 3.0.0)
      erubis (~> 2.7.0)
      journey (~> 1.0.4)
      rack (~> 1.4.5)
      rack-cache (~> 1.2)
      rack-test (~> 0.6.1)
      sprockets (~> 2.2.1)
    activemodel (3.2.22)
      activesupport (= 3.2.22)
      builder (~> 3.0.0)
    activerecord (3.2.22)
      activemodel (= 3.2.22)
      activesupport (= 3.2.22)
      arel (~> 3.0.2)
      tzinfo (~> 0.3.29)
    activeresource (3.2.22)
      activemodel (= 3.2.22)
      activesupport (= 3.2.22)
    activesupport (3.2.22)
      i18n (~> 0.6, >= 0.6.4)
      multi_json (~> 1.0)
    addressable (2.4.0)
    ansi (1.5.0)
    arel (3.0.3)
    bcrypt (3.1.10)
    bcrypt-ruby (3.1.5)
      bcrypt (>= 3.1.3)
    builder (3.0.4)
    byebug (8.2.1)
    cancan (1.6.10)
    capistrano (2.14.1)
      highline
      net-scp (>= 1.0.0)
      net-sftp (>= 2.0.0)
      net-ssh (>= 2.0.14)
      net-ssh-gateway (>= 1.1.0)
    capybara (2.5.0)
      mime-types (>= 1.16)
      nokogiri (>= 1.3.3)
      rack (>= 1.0.0)
      rack-test (>= 0.5.4)
      xpath (~> 2.0)
    chronic (0.3.0)
    closure-compiler (1.1.11)
    coderay (1.1.0)
    daemons (1.1.9)
    data_objects (0.10.16)
      addressable (~> 2.1)
    delayed_job (2.1.4)
      activesupport (~> 3.0)
      daemons
    devise (1.5.4)
      bcrypt-ruby (~> 3.0)
      orm_adapter (~> 0.0.3)
      warden (~> 1.1)
    devise_cas_authenticatable (1.7.0)
      devise (>= 1.2.0)
      rubycas-client (>= 2.2.1)
    diff-lcs (1.2.5)
    dm-active_model (1.2.1)
      activemodel (~> 3.0)
      dm-core (~> 1.2.0)
    dm-aggregates (1.2.0)
      dm-core (~> 1.2.0)
    dm-ar-finders (1.2.0)
      dm-core (~> 1.2.0)
    dm-chunked_query (0.3.1)
      dm-aggregates (~> 1.0)
      dm-core (~> 1.0)
    dm-constraints (1.2.0)
      dm-core (~> 1.2.0)
    dm-core (1.2.1)
      addressable (~> 2.3)
    dm-devise (1.5.0)
      devise (~> 1.3)
      dm-core (>= 1.0.2, < 1.3)
      dm-migrations (>= 1.0.2, < 1.3)
      dm-rails (>= 1.0.3, < 1.3)
      dm-serializer (>= 1.0.2, < 1.3)
      dm-timestamps (>= 1.0.2, < 1.3)
    dm-do-adapter (1.2.0)
      data_objects (~> 0.10.6)
      dm-core (~> 1.2.0)
    dm-migrations (1.2.0)
      dm-core (~> 1.2.0)
    dm-mysql-adapter (1.2.0)
      dm-do-adapter (~> 1.2.0)
      do_mysql (~> 0.10.17)
    dm-observer (1.2.0)
      dm-core (~> 1.2.0)
    dm-pager (1.1.0)
      dm-aggregates (>= 0.10.1)
      dm-core (>= 0.10.1)
    dm-rails (1.2.1)
      actionpack (~> 3.0)
      dm-active_model (~> 1.2.0)
      dm-core (~> 1.2.0)
      railties (~> 3.0)
    dm-serializer (1.2.2)
      dm-core (~> 1.2.0)
      fastercsv (~> 1.5)
      json (~> 1.6)
      json_pure (~> 1.6)
      multi_json (~> 1.0)
    dm-timestamps (1.2.0)
      dm-core (~> 1.2.0)
    dm-transactions (1.2.0)
      dm-core (~> 1.2.0)
    dm-types (1.2.2)
      bcrypt-ruby (~> 3.0)
      dm-core (~> 1.2.0)
      fastercsv (~> 1.5)
      json (~> 1.6)
      multi_json (~> 1.0)
      stringex (~> 1.4)
      uuidtools (~> 2.1)
    dm-validations (1.2.0)
      dm-core (~> 1.2.0)
    dm-visualizer (0.1.0)
      dm-core (>= 0.10.2)
      ruby-graphviz (>= 0.9.10)
      thor (>= 0.13.4)
    dm-zone-types (0.3)
      activesupport (>= 3.0.0.beta3)
      dm-core
      tzinfo
    do_mysql (0.10.17)
      data_objects (= 0.10.16)
    env (0.3.0)
    erubis (2.7.0)
    eventmachine (1.0.8)
    fastercsv (1.5.5)
    geoip (1.1.2)
    highline (1.7.8)
    hike (1.2.3)
    home_run (1.0.9)
    i18n (0.7.0)
    jammit (0.5.4)
      closure-compiler (>= 0.1.0)
      yui-compressor (>= 0.9.1)
    journey (1.0.4)
    jquery-rails (3.1.4)
      railties (>= 3.0, < 5.0)
      thor (>= 0.14, < 2.0)
    json (1.8.3)
    json_pure (1.8.3)
    launchy (2.4.3)
      addressable (~> 2.3)
    letter_opener (1.4.1)
      launchy (~> 2.2)
    mail (2.5.4)
      mime-types (~> 1.16)
      treetop (~> 1.4.8)
    method_source (0.8.2)
    mime-types (1.25.1)
    mini_portile2 (2.0.0)
    minitest (4.7.5)
    multi_json (1.11.2)
    net-dns (0.6.1)
    net-scp (1.2.1)
      net-ssh (>= 2.6.5)
    net-sftp (2.1.2)
      net-ssh (>= 2.6.5)
    net-ssh (2.9.2)
    net-ssh-gateway (1.2.0)
      net-ssh (>= 2.6.5)
    netaddr (1.5.0)
    nokogiri (1.6.7.1)
      mini_portile2 (~> 2.0.0.rc2)
    orm_adapter (0.0.7)
    pdfkit (0.4.6)
    polyglot (0.3.5)
    power_assert (0.2.6)
    pry (0.10.3)
      coderay (~> 1.1.0)
      method_source (~> 0.8.1)
      slop (~> 3.4)
    pry-byebug (3.3.0)
      byebug (~> 8.0)
      pry (~> 0.10)
    rack (1.4.7)
    rack-cache (1.5.1)
      rack (>= 0.4)
    rack-ssl (1.3.4)
      rack
    rack-test (0.6.3)
      rack (>= 1.0)
    rails (3.2.22)
      actionmailer (= 3.2.22)
      actionpack (= 3.2.22)
      activerecord (= 3.2.22)
      activeresource (= 3.2.22)
      activesupport (= 3.2.22)
      bundler (~> 1.0)
      railties (= 3.2.22)
    railties (3.2.22)
      actionpack (= 3.2.22)
      activesupport (= 3.2.22)
      rack-ssl (~> 1.3.2)
      rake (>= 0.8.7)
      rdoc (~> 3.4)
      thor (>= 0.14.6, < 2.0)
    rake (0.9.2)
    rdoc (3.12.2)
      json (~> 1.4)
    request_store (1.0.8)
    rspec (2.0.1)
      rspec-core (~> 2.0.1)
      rspec-expectations (~> 2.0.1)
      rspec-mocks (~> 2.0.1)
    rspec-core (2.0.1)
    rspec-expectations (2.0.1)
      diff-lcs (>= 1.1.2)
    rspec-mocks (2.0.1)
      rspec-core (~> 2.0.1)
      rspec-expectations (~> 2.0.1)
    rspec-rails (2.0.1)
      rspec (~> 2.0.0)
    ruby-graphviz (1.2.2)
    rubycas-client (2.3.9)
      activesupport
    simple_form (1.2.2)
    slop (3.6.0)
    sprockets (2.2.3)
      hike (~> 1.2)
      multi_json (~> 1.0)
      rack (~> 1.0)
      tilt (~> 1.1, != 1.3.0)
    stringex (1.5.1)
    test-unit (3.1.5)
      power_assert
    thin (1.6.4)
      daemons (~> 1.0, >= 1.0.9)
      eventmachine (~> 1.0, >= 1.0.4)
      rack (~> 1.0)
    thor (0.19.1)
    tilt (1.4.1)
    timezone_local (0.1.5)
      tzinfo (>= 0.3.24)
    treetop (1.4.15)
      polyglot
      polyglot (>= 0.3.1)
    turn (0.9.7)
      ansi
      minitest (~> 4)
    tzinfo (0.3.46)
    uuidtools (2.1.5)
    warden (1.2.4)
      rack (>= 1.0)
    whois (2.3.0)
    xpath (2.0.0)
      nokogiri (~> 1.3)
    yui-compressor (0.12.0)

PLATFORMS
  ruby

DEPENDENCIES
  RedCloth (~> 4.2.9)
  actionmailer (= 3.2.22)
  actionpack (= 3.2.22)
  activesupport (= 3.2.22)
  ansi
  bundler (>= 1.0.0)
  cancan (~> 1.6)
  capistrano (= 2.14.1)
  capybara
  chronic (~> 0.3.0)
  daemons (~> 1.1.0)
  delayed_job (~> 2.1.4)
  delayed_job_data_mapper (~> 1.0.0.rc)!
  devise (~> 1.4)
  devise_cas_authenticatable
  dm-active_model (~> 1.2.0)
  dm-aggregates (~> 1.2.0)
  dm-ar-finders (~> 1.2.0)
  dm-chunked_query (~> 0.3)
  dm-constraints (~> 1.2.0)
  dm-core (~> 1.2.0)
  dm-devise (~> 1.5)
  dm-do-adapter (~> 1.2.0)
  dm-is-read_only (~> 0.3)!
  dm-migrations (~> 1.2.0)
  dm-mysql-adapter (~> 1.2.0)
  dm-observer (~> 1.2.0)
  dm-pager (~> 1.1.0)
  dm-rails (~> 1.2.0)
  dm-serializer (~> 1.2.0)
  dm-timestamps (~> 1.2.0)
  dm-transactions (~> 1.2.0)
  dm-types (~> 1.2.0)
  dm-validations (~> 1.2.0)
  dm-visualizer (~> 0.1.0)
  dm-zone-types (~> 0.3)
  env
  ezprint!
  geoip (~> 1.1.1)
  home_run
  jammit (~> 0.5.4)
  jquery-rails
  jruby-openssl
  jruby-rack-worker
  json (~> 1.8.3)
  letter_opener
  mail (~> 2.3)
  minitest
  net-dns (~> 0.6.1)
  net-ssh (~> 2.9.2)
  netaddr (~> 1.5.0)
  pdfkit (~> 0.4.6)
  pry-byebug
  rails (= 3.2.22)
  railties (= 3.2.22)
  rake (= 0.9.2)
  request_store (~> 1.0.5)
  rspec (~> 2.0.0)
  rspec-core (~> 2.0.0)
  rspec-expectations (~> 2.0.0)
  rspec-rails (~> 2.0.0)
  rubycas-client
  simple_form (~> 1.2.2)
  test-unit
  thin
  timezone_local (~> 0.1.5)
  turn
  warbler
  whois (~> 2.3.0)

BUNDLED WITH
   1.11.2