GIT
  remote: http://github.com/Snorby/delayed_job_data_mapper.git
  revision: b77c0ae4c777fca19d1bc9c6c501edad7f2ec8b0
  specs:
    delayed_job_data_mapper (1.0.0.rc)
      delayed_job (~> 2.1)
      dm-aggregates
      dm-core
      dm-observer

GIT
  remote: http://github.com/mephux/ezprint.git
  revision: c231df760dae8a2d4bc906888285c6d314de4cf6
  branch: rails3
  specs:
    ezprint (0.2.0)
      pdfkit (>= 0.4.1)

GIT
  remote: http://github.com/solnic/dm-paperclip.git
  revision: 8b8781397d81f43f7e4446966ff44f4b939a5a2b
  branch: master
  specs:
    dm-paperclip (2.4.1)

GEM
  remote: http://rubygems.org/
  specs:
    RedCloth (4.2.7)
    abstract (1.0.0)
    actionmailer (3.0.3)
      actionpack (= 3.0.3)
      mail (~> 2.2.9)
    actionpack (3.0.3)
      activemodel (= 3.0.3)
      activesupport (= 3.0.3)
      builder (~> 2.1.2)
      erubis (~> 2.6.6)
      i18n (~> 0.4)
      rack (~> 1.2.1)
      rack-mount (~> 0.6.13)
      rack-test (~> 0.5.6)
      tzinfo (~> 0.3.23)
    activemodel (3.0.3)
      activesupport (= 3.0.3)
      builder (~> 2.1.2)
      i18n (~> 0.4)
    activerecord (3.0.3)
      activemodel (= 3.0.3)
      activesupport (= 3.0.3)
      arel (~> 2.0.2)
      tzinfo (~> 0.3.23)
    activeresource (3.0.3)
      activemodel (= 3.0.3)
      activesupport (= 3.0.3)
    activesupport (3.0.3)
    addressable (2.2.4)
    arel (2.0.9)
    bcrypt-ruby (2.1.4)
    builder (2.1.2)
    capistrano (2.5.19)
      highline
      net-scp (>= 1.0.0)
      net-sftp (>= 2.0.0)
      net-ssh (>= 2.0.14)
      net-ssh-gateway (>= 1.0.0)
    capybara (0.4.1.2)
      celerity (>= 0.7.9)
      culerity (>= 0.2.4)
      mime-types (>= 1.16)
      nokogiri (>= 1.3.3)
      rack (>= 1.0.0)
      rack-test (>= 0.5.4)
      selenium-webdriver (>= 0.0.27)
      xpath (~> 0.1.3)
    celerity (0.8.8)
    childprocess (0.1.7)
      ffi (~> 0.6.3)
    chronic (0.3.0)
    closure-compiler (1.0.0)
    culerity (0.2.15)
    daemons (1.1.0)
    data_objects (0.10.3)
      addressable (~> 2.1)
    delayed_job (2.1.4)
      activesupport (~> 3.0)
      daemons
    devise (1.1.7)
      bcrypt-ruby (~> 2.1.2)
      warden (~> 1.0.2)
    diff-lcs (1.1.2)
    dm-active_model (1.0.3)
      activemodel (~> 3.0.0)
      dm-core (~> 1.0.2)
    dm-aggregates (1.0.2)
      dm-core (~> 1.0.2)
    dm-constraints (1.0.2)
      dm-core (~> 1.0.2)
      dm-migrations (~> 1.0.2)
    dm-core (1.0.2)
      addressable (~> 2.2)
      extlib (~> 0.9.15)
    dm-devise (1.1.8)
      bcrypt-ruby (~> 2.1.2)
      devise (~> 1.1.0)
      dm-core (~> 1.0.0)
      dm-migrations (~> 1.0.0)
      dm-rails (>= 1.0.3)
      dm-serializer (~> 1.0.0)
      dm-timestamps (~> 1.0.0)
      sugar-high (~> 0.2.10)
    dm-do-adapter (1.0.2)
      data_objects (~> 0.10.2)
      dm-core (~> 1.0.2)
    dm-migrations (1.0.2)
      dm-core (~> 1.0.2)
    dm-mysql-adapter (1.0.2)
      dm-do-adapter (~> 1.0.2)
      do_mysql (~> 0.10.2)
    dm-observer (1.0.2)
      dm-core (~> 1.0.2)
    dm-pager (1.1.0)
      dm-aggregates (>= 0.10.1)
      dm-core (>= 0.10.1)
    dm-rails (1.0.4)
      actionpack (~> 3.0.0)
      activesupport (~> 3.0.0)
      dm-active_model (~> 1.0.3)
      dm-core (~> 1.0.0)
      railties (~> 3.0.0)
    dm-serializer (1.0.2)
      dm-core (~> 1.0.2)
      fastercsv (~> 1.5.3)
      json_pure (~> 1.4)
    dm-timestamps (1.0.2)
      dm-core (~> 1.0.2)
    dm-transactions (1.0.2)
      dm-core (~> 1.0.2)
    dm-types (1.0.2)
      dm-core (~> 1.0.2)
      fastercsv (~> 1.5.3)
      json_pure (~> 1.4)
      stringex (~> 1.1.0)
      uuidtools (~> 2.1.1)
    dm-validations (1.0.2)
      dm-core (~> 1.0.2)
    dm-visualizer (0.1.0)
      dm-core (>= 0.10.2)
      ruby-graphviz (>= 0.9.10)
      thor (>= 0.13.4)
    do_mysql (0.10.3)
      data_objects (= 0.10.3)
    erubis (2.6.6)
      abstract (>= 1.0.0)
    extlib (0.9.15)
    fastercsv (1.5.4)
    ffi (0.6.3)
      rake (>= 0.8.7)
    highline (1.6.1)
    i18n (0.5.0)
    jammit (0.5.4)
      closure-compiler (>= 0.1.0)
      yui-compressor (>= 0.9.1)
    jquery-rails (0.2.7)
      rails (~> 3.0)
      thor (~> 0.14.4)
    json_pure (1.5.1)
    mail (2.2.15)
      activesupport (>= 2.3.6)
      i18n (>= 0.4.0)
      mime-types (~> 1.16)
      treetop (~> 1.4.8)
    mime-types (1.16)
    mocha (0.9.12)
    net-dns (0.6.1)
    net-scp (1.0.4)
      net-ssh (>= 1.99.1)
    net-sftp (2.0.5)
      net-ssh (>= 2.0.9)
    net-ssh (2.1.0)
    net-ssh-gateway (1.0.1)
      net-ssh (>= 1.99.1)
    nokogiri (1.4.4)
    pdfkit (0.4.6)
    polyglot (0.3.1)
    rack (1.2.1)
    rack-mount (0.6.13)
      rack (>= 1.0.0)
    rack-test (0.5.7)
      rack (>= 1.0)
    rails (3.0.3)
      actionmailer (= 3.0.3)
      actionpack (= 3.0.3)
      activerecord (= 3.0.3)
      activeresource (= 3.0.3)
      activesupport (= 3.0.3)
      bundler (~> 1.0)
      railties (= 3.0.3)
    railties (3.0.3)
      actionpack (= 3.0.3)
      activesupport (= 3.0.3)
      rake (>= 0.8.7)
      thor (~> 0.14.4)
    rake (0.8.7)
    require_all (1.2.0)
    rmagick (2.13.1)
    rspec (2.0.1)
      rspec-core (~> 2.0.1)
      rspec-expectations (~> 2.0.1)
      rspec-mocks (~> 2.0.1)
    rspec-core (2.0.1)
    rspec-expectations (2.0.1)
      diff-lcs (>= 1.1.2)
    rspec-mocks (2.0.1)
      rspec-core (~> 2.0.1)
      rspec-expectations (~> 2.0.1)
    rspec-rails (2.0.1)
      rspec (~> 2.0.0)
    ruby-graphviz (0.9.20)
    rubyzip (0.9.4)
    selenium-webdriver (0.1.3)
      childprocess (~> 0.1.5)
      ffi (~> 0.6.3)
      json_pure
      rubyzip
    simple_form (1.2.2)
    stringex (1.1.0)
    sugar-high (0.2.12)
      mocha (~> 0.9.8)
      require_all (~> 1.2.0)
    thor (0.14.6)
    treetop (1.4.9)
      polyglot (>= 0.3.1)
    tzinfo (0.3.24)
    uuidtools (2.1.2)
    warden (1.0.3)
      rack (>= 1.0.0)
    whois (1.6.6)
    xpath (0.1.3)
      nokogiri (~> 1.3)
    yui-compressor (0.9.4)

PLATFORMS
  ruby

DEPENDENCIES
  RedCloth (~> 4.0)
  actionmailer (= 3.0.3)
  actionpack (= 3.0.3)
  activesupport (= 3.0.3)
  bundler (~> 1.0.0)
  capistrano
  capybara
  chronic (~> 0.3.0)
  daemons (~> 1.1.0)
  delayed_job (~> 2.1.4)
  delayed_job_data_mapper (~> 1.0.0.rc)!
  devise (~> 1.1.3)
  dm-active_model (~> 1.0.2)
  dm-aggregates (~> 1.0.2)
  dm-constraints (~> 1.0.2)
  dm-core (~> 1.0.2)
  dm-devise (~> 1.1.6)
  dm-do-adapter (~> 1.0.2)
  dm-migrations (~> 1.0.2)
  dm-mysql-adapter (~> 1.0.2)
  dm-observer (~> 1.0.2)
  dm-pager
  dm-paperclip (~> 2.3)!
  dm-rails (~> 1.0.4)
  dm-serializer (~> 1.0.2)
  dm-timestamps (~> 1.0.2)
  dm-transactions (~> 1.0.2)
  dm-types (~> 1.0.2)
  dm-validations (~> 1.0.2)
  dm-visualizer (~> 0.1.0)
  ezprint!
  jammit (~> 0.5.4)
  jquery-rails
  mail (~> 2.2.10)
  net-dns (~> 0.6.1)
  pdfkit (~> 0.4.6)
  rails (= 3.0.3)
  railties (= 3.0.3)
  rmagick (~> 2.13.1)
  rspec (~> 2.0.0)
  rspec-core (~> 2.0.0)
  rspec-expectations (~> 2.0.0)
  rspec-rails (~> 2.0.0)
  simple_form (~> 1.2.2)
  whois (~> 1.6.6)
